GEM
  remote: http://gems.rubyforge.org/
  specs:
    actionmailer (2.3.5)
      actionpack (= 2.3.5)
    actionpack (2.3.5)
      activesupport (= 2.3.5)
      rack (~> 1.0.0)
    activerecord (2.3.5)
      activesupport (= 2.3.5)
    activeresource (2.3.5)
      activesupport (= 2.3.5)
    activesupport (2.3.5)
    alchemist (0.1.2)
    bitly (0.5.0)
      crack (>= 0.1.4)
      httparty (>= 0.5.2)
    bson (1.0)
    bson_ext (1.0.1)
    cobravsmongoose (0.0.2)
    crack (0.1.6)
    exceptional (2.0.14)
    griddle (0.1.2)
    hashie (0.2.2)
    httparty (0.5.2)
      crack (= 0.1.6)
    jnunemaker-validatable (1.8.4)
      activesupport (>= 2.3.4)
    mail (2.2.1)
      activesupport (>= 2.3.4)
      mime-types
      treetop (>= 1.4.5)
    mime-types (1.16)
    mongo (1.0)
      bson (= 1.0)
    mongo_mapper (0.7.6)
      activesupport (>= 2.3.4)
      jnunemaker-validatable (= 1.8.4)
      mongo (= 1.0)
      plucky (= 0.1.1)
    oauth (0.4.2)
    plucky (0.1.1)
      mongo (= 1.0)
    polyglot (0.3.1)
    rack (1.0.1)
    rails (2.3.5)
      actionmailer (= 2.3.5)
      actionpack (= 2.3.5)
      activerecord (= 2.3.5)
      activeresource (= 2.3.5)
      activesupport (= 2.3.5)
      rake (>= 0.8.3)
    rake (0.8.7)
    ruby-gmail (0.2.1)
      mail (>= 2.2.1)
      shared-mime-info
    rubyzip (0.9.4)
    shared-mime-info (0.1)
    treetop (1.4.8)
      polyglot (>= 0.3.1)
    twitter (0.9.5)
      hashie (~> 0.2.0)
      httparty (~> 0.5.0)
      oauth (>= 0.3.5)
      yajl-ruby (~> 0.7.0)
    yajl-ruby (0.7.7)

PLATFORMS
  ruby

DEPENDENCIES
  alchemist (= 0.1.2)
  bitly (= 0.5.0)
  bson_ext (= 1.0.1)
  cobravsmongoose (= 0.0.2)
  crack (= 0.1.6)
  exceptional (= 2.0.14)
  griddle (= 0.1.2)
  mime-types (= 1.16)
  mongo (= 1.0.0)
  mongo_mapper (= 0.7.6)
  rails (= 2.3.5)
  ruby-gmail (= 0.2.1)
  rubyzip
  twitter (= 0.9.5)
